GEM
  remote: http://rubygems.org/
  specs:
    json (1.4.6)
    rack (1.2.1)

PLATFORMS
  ruby

DEPENDENCIES
  json
  rack
